GEM
  remote: https://rubygems.org/
  specs:
    dotenv (2.7.5)
    rake (13.0.1)
    rumrunner (0.5.0)
      rake (~> 13.0)

PLATFORMS
  ruby

DEPENDENCIES
  dotenv (~> 2.7)
  rumrunner (~> 0.4)

BUNDLED WITH
   2.1.2
