GEM
  remote: https://rubygems.org/
  specs:
    dotenv (2.7.5)
    rake (12.3.3)
    rumrunner (0.4.2)
      rake (~> 12.3)

PLATFORMS
  ruby

DEPENDENCIES
  dotenv (~> 2.7)
  rumrunner (~> 0.4)

BUNDLED WITH
   2.0.2
